PATH
  remote: .
  specs:
    andand (1.3.3)

GEM
  remote: http://nexus.internal.machines/content/groups/publicgems/
  specs:
    rake (10.5.0)

PLATFORMS
  ruby

DEPENDENCIES
  andand!
  rake

BUNDLED WITH
   1.11.2
